STORAGE: NONE
RESTRICTION: || (== net5.0) (== net6.0) (== netstandard2.0) (== netstandard2.1)
NUGET
  remote: https://api.nuget.org/v3/index.json
    Azure.Core (1.21)
      Microsoft.Bcl.AsyncInterfaces (>= 1.0)
      System.Diagnostics.DiagnosticSource (>= 4.6)
      System.Memory.Data (>= 1.0.2)
      System.Numerics.Vectors (>= 4.5)
      System.Text.Encodings.Web (>= 4.7.2)
      System.Text.Json (>= 4.6)
      System.Threading.Tasks.Extensions (>= 4.5.4)
    Azure.Storage.Blobs (12.10)
      Azure.Storage.Common (>= 12.9)
      System.Text.Json (>= 4.6)
    Azure.Storage.Common (12.9)
      Azure.Core (>= 1.19)
    Fody (6.6)
    FSharp.Core (6.0.1) - content: none
    Humanizer (2.13.14)
      Humanizer.Core.af (>= 2.13.14)
      Humanizer.Core.ar (>= 2.13.14)
      Humanizer.Core.az (>= 2.13.14)
      Humanizer.Core.bg (>= 2.13.14)
      Humanizer.Core.bn-BD (>= 2.13.14)
      Humanizer.Core.cs (>= 2.13.14)
      Humanizer.Core.da (>= 2.13.14)
      Humanizer.Core.de (>= 2.13.14)
      Humanizer.Core.el (>= 2.13.14)
      Humanizer.Core.es (>= 2.13.14)
      Humanizer.Core.fa (>= 2.13.14)
      Humanizer.Core.fi-FI (>= 2.13.14)
      Humanizer.Core.fr (>= 2.13.14)
      Humanizer.Core.fr-BE (>= 2.13.14)
      Humanizer.Core.he (>= 2.13.14)
      Humanizer.Core.hr (>= 2.13.14)
      Humanizer.Core.hu (>= 2.13.14)
      Humanizer.Core.hy (>= 2.13.14)
      Humanizer.Core.id (>= 2.13.14)
      Humanizer.Core.is (>= 2.13.14)
      Humanizer.Core.it (>= 2.13.14)
      Humanizer.Core.ja (>= 2.13.14)
      Humanizer.Core.ko-KR (>= 2.13.14)
      Humanizer.Core.ku (>= 2.13.14)
      Humanizer.Core.lv (>= 2.13.14)
      Humanizer.Core.ms-MY (>= 2.13.14)
      Humanizer.Core.mt (>= 2.13.14)
      Humanizer.Core.nb (>= 2.13.14)
      Humanizer.Core.nb-NO (>= 2.13.14)
      Humanizer.Core.nl (>= 2.13.14)
      Humanizer.Core.pl (>= 2.13.14)
      Humanizer.Core.pt (>= 2.13.14)
      Humanizer.Core.ro (>= 2.13.14)
      Humanizer.Core.ru (>= 2.13.14)
      Humanizer.Core.sk (>= 2.13.14)
      Humanizer.Core.sl (>= 2.13.14)
      Humanizer.Core.sr (>= 2.13.14)
      Humanizer.Core.sr-Latn (>= 2.13.14)
      Humanizer.Core.sv (>= 2.13.14)
      Humanizer.Core.th-TH (>= 2.13.14)
      Humanizer.Core.tr (>= 2.13.14)
      Humanizer.Core.uk (>= 2.13.14)
      Humanizer.Core.uz-Cyrl-UZ (>= 2.13.14)
      Humanizer.Core.uz-Latn-UZ (>= 2.13.14)
      Humanizer.Core.vi (>= 2.13.14)
      Humanizer.Core.zh-CN (>= 2.13.14)
      Humanizer.Core.zh-Hans (>= 2.13.14)
      Humanizer.Core.zh-Hant (>= 2.13.14)
    Humanizer.Core (2.13.14)
    Humanizer.Core.af (2.13.14)
      Humanizer.Core (2.13.14)
    Humanizer.Core.ar (2.13.14)
      Humanizer.Core (2.13.14)
    Humanizer.Core.az (2.13.14)
      Humanizer.Core (2.13.14)
    Humanizer.Core.bg (2.13.14)
      Humanizer.Core (2.13.14)
    Humanizer.Core.bn-BD (2.13.14)
      Humanizer.Core (2.13.14)
    Humanizer.Core.cs (2.13.14)
      Humanizer.Core (2.13.14)
    Humanizer.Core.da (2.13.14)
      Humanizer.Core (2.13.14)
    Humanizer.Core.de (2.13.14)
      Humanizer.Core (2.13.14)
    Humanizer.Core.el (2.13.14)
      Humanizer.Core (2.13.14)
    Humanizer.Core.es (2.13.14)
      Humanizer.Core (2.13.14)
    Humanizer.Core.fa (2.13.14)
      Humanizer.Core (2.13.14)
    Humanizer.Core.fi-FI (2.13.14)
      Humanizer.Core (2.13.14)
    Humanizer.Core.fr (2.13.14)
      Humanizer.Core (2.13.14)
    Humanizer.Core.fr-BE (2.13.14)
      Humanizer.Core (2.13.14)
    Humanizer.Core.he (2.13.14)
      Humanizer.Core (2.13.14)
    Humanizer.Core.hr (2.13.14)
      Humanizer.Core (2.13.14)
    Humanizer.Core.hu (2.13.14)
      Humanizer.Core (2.13.14)
    Humanizer.Core.hy (2.13.14)
      Humanizer.Core (2.13.14)
    Humanizer.Core.id (2.13.14)
      Humanizer.Core (2.13.14)
    Humanizer.Core.is (2.13.14)
      Humanizer.Core (2.13.14)
    Humanizer.Core.it (2.13.14)
      Humanizer.Core (2.13.14)
    Humanizer.Core.ja (2.13.14)
      Humanizer.Core (2.13.14)
    Humanizer.Core.ko-KR (2.13.14)
      Humanizer.Core (2.13.14)
    Humanizer.Core.ku (2.13.14)
      Humanizer.Core (2.13.14)
    Humanizer.Core.lv (2.13.14)
      Humanizer.Core (2.13.14)
    Humanizer.Core.ms-MY (2.13.14)
      Humanizer.Core (2.13.14)
    Humanizer.Core.mt (2.13.14)
      Humanizer.Core (2.13.14)
    Humanizer.Core.nb (2.13.14)
      Humanizer.Core (2.13.14)
    Humanizer.Core.nb-NO (2.13.14)
      Humanizer.Core (2.13.14)
    Humanizer.Core.nl (2.13.14)
      Humanizer.Core (2.13.14)
    Humanizer.Core.pl (2.13.14)
      Humanizer.Core (2.13.14)
    Humanizer.Core.pt (2.13.14)
      Humanizer.Core (2.13.14)
    Humanizer.Core.ro (2.13.14)
      Humanizer.Core (2.13.14)
    Humanizer.Core.ru (2.13.14)
      Humanizer.Core (2.13.14)
    Humanizer.Core.sk (2.13.14)
      Humanizer.Core (2.13.14)
    Humanizer.Core.sl (2.13.14)
      Humanizer.Core (2.13.14)
    Humanizer.Core.sr (2.13.14)
      Humanizer.Core (2.13.14)
    Humanizer.Core.sr-Latn (2.13.14)
      Humanizer.Core (2.13.14)
    Humanizer.Core.sv (2.13.14)
      Humanizer.Core (2.13.14)
    Humanizer.Core.th-TH (2.13.14)
      Humanizer.Core (2.13.14)
    Humanizer.Core.tr (2.13.14)
      Humanizer.Core (2.13.14)
    Humanizer.Core.uk (2.13.14)
      Humanizer.Core (2.13.14)
    Humanizer.Core.uz-Cyrl-UZ (2.13.14)
      Humanizer.Core (2.13.14)
    Humanizer.Core.uz-Latn-UZ (2.13.14)
      Humanizer.Core (2.13.14)
    Humanizer.Core.vi (2.13.14)
      Humanizer.Core (2.13.14)
    Humanizer.Core.zh-CN (2.13.14)
      Humanizer.Core (2.13.14)
    Humanizer.Core.zh-Hans (2.13.14)
      Humanizer.Core (2.13.14)
    Humanizer.Core.zh-Hant (2.13.14)
      Humanizer.Core (2.13.14)
    Microsoft.Bcl.AsyncInterfaces (6.0)
      System.Threading.Tasks.Extensions (>= 4.5.4) - restriction: || (&& (== net5.0) (>= net461)) (&& (== net5.0) (< netstandard2.1)) (&& (== net6.0) (>= net461)) (&& (== net6.0) (< netstandard2.1)) (== netstandard2.0) (&& (== netstandard2.1) (>= net461))
    Microsoft.CSharp (4.7)
    Microsoft.DotNet.UpgradeAssistant.Extensions.Default.Analyzers (0.3.256001)
    Microsoft.Extensions.ObjectPool (6.0)
    Microsoft.Win32.Registry (5.0)
      System.Buffers (>= 4.5.1) - restriction: || (&& (== net5.0) (>= monoandroid) (< netstandard1.3)) (&& (== net5.0) (>= monotouch)) (&& (== net5.0) (< netcoreapp2.0)) (&& (== net5.0) (>= xamarinios)) (&& (== net5.0) (>= xamarinmac)) (&& (== net5.0) (>= xamarintvos)) (&& (== net5.0) (>= xamarinwatchos)) (&& (== net6.0) (>= monoandroid) (< netstandard1.3)) (&& (== net6.0) (>= monotouch)) (&& (== net6.0) (< netcoreapp2.0)) (&& (== net6.0) (>= xamarinios)) (&& (== net6.0) (>= xamarinmac)) (&& (== net6.0) (>= xamarintvos)) (&& (== net6.0) (>= xamarinwatchos)) (== netstandard2.0) (== netstandard2.1)
      System.Memory (>= 4.5.4) - restriction: || (&& (== net5.0) (< netcoreapp2.0)) (&& (== net5.0) (< netcoreapp2.1)) (&& (== net5.0) (>= uap10.1)) (&& (== net6.0) (< netcoreapp2.0)) (&& (== net6.0) (< netcoreapp2.1)) (&& (== net6.0) (>= uap10.1)) (== netstandard2.0) (== netstandard2.1)
      System.Security.AccessControl (>= 5.0)
      System.Security.Principal.Windows (>= 5.0)
    Microsoft.Win32.Registry.AccessControl (6.0)
      Microsoft.Win32.Registry (>= 5.0) - restriction: || (== net5.0) (&& (== net6.0) (>= net461)) (== netstandard2.0) (== netstandard2.1)
      System.Security.AccessControl (>= 6.0)
    Microsoft.Win32.SystemEvents (6.0)
    Microsoft.Windows.Compatibility (6.0)
      Microsoft.Win32.Registry (>= 5.0) - restriction: || (== net5.0) (&& (== net6.0) (< netcoreapp3.1)) (&& (== net6.0) (< netstandard2.1)) (== netstandard2.0) (== netstandard2.1)
      Microsoft.Win32.Registry.AccessControl (>= 6.0)
      Microsoft.Win32.SystemEvents (>= 6.0)
      System.CodeDom (>= 6.0)
      System.ComponentModel.Composition (>= 6.0)
      System.ComponentModel.Composition.Registration (>= 6.0) - restriction: || (== net5.0) (== net6.0) (&& (== netstandard2.0) (>= netstandard2.1)) (== netstandard2.1)
      System.Configuration.ConfigurationManager (>= 6.0)
      System.Data.DataSetExtensions (>= 4.5) - restriction: || (== net5.0) (&& (== net6.0) (< netcoreapp3.1)) (&& (== net6.0) (< netstandard2.1)) (== netstandard2.0) (== netstandard2.1)
      System.Data.Odbc (>= 6.0)
      System.Data.OleDb (>= 6.0)
      System.Data.SqlClient (>= 4.8.3)
      System.Diagnostics.EventLog (>= 6.0)
      System.Diagnostics.PerformanceCounter (>= 6.0)
      System.DirectoryServices (>= 6.0)
      System.DirectoryServices.AccountManagement (>= 6.0)
      System.DirectoryServices.Protocols (>= 6.0)
      System.Drawing.Common (>= 6.0)
      System.IO.FileSystem.AccessControl (>= 5.0) - restriction: || (== net5.0) (&& (== net6.0) (< netcoreapp3.1)) (&& (== net6.0) (< netstandard2.1)) (== netstandard2.0) (== netstandard2.1)
      System.IO.Packaging (>= 6.0)
      System.IO.Pipes.AccessControl (>= 5.0) - restriction: || (== net5.0) (&& (== net6.0) (< netcoreapp3.1)) (&& (== net6.0) (< netstandard2.1)) (== netstandard2.0) (== netstandard2.1)
      System.IO.Ports (>= 6.0)
      System.Management (>= 6.0)
      System.Reflection.Context (>= 6.0)
      System.Reflection.Emit (>= 4.7) - restriction: || (== net5.0) (&& (== net6.0) (< netcoreapp3.1)) (&& (== net6.0) (< netstandard2.1)) (== netstandard2.0) (== netstandard2.1)
      System.Reflection.Emit.ILGeneration (>= 4.7) - restriction: || (== net5.0) (&& (== net6.0) (< netcoreapp3.1)) (&& (== net6.0) (< netstandard2.1)) (== netstandard2.0) (== netstandard2.1)
      System.Reflection.Emit.Lightweight (>= 4.7) - restriction: || (== net5.0) (&& (== net6.0) (< netcoreapp3.1)) (&& (== net6.0) (< netstandard2.1)) (== netstandard2.0) (== netstandard2.1)
      System.Runtime.Caching (>= 6.0)
      System.Security.AccessControl (>= 6.0)
      System.Security.Cryptography.Cng (>= 5.0) - restriction: || (== net5.0) (&& (== net6.0) (< netcoreapp3.1)) (&& (== net6.0) (< netstandard2.1)) (== netstandard2.0) (== netstandard2.1)
      System.Security.Cryptography.Pkcs (>= 6.0)
      System.Security.Cryptography.ProtectedData (>= 6.0)
      System.Security.Cryptography.Xml (>= 6.0)
      System.Security.Permissions (>= 6.0)
      System.Security.Principal.Windows (>= 5.0) - restriction: || (== net5.0) (&& (== net6.0) (< netcoreapp3.1)) (&& (== net6.0) (< netstandard2.1)) (== netstandard2.0) (== netstandard2.1)
      System.ServiceModel.Duplex (>= 4.9)
      System.ServiceModel.Http (>= 4.9)
      System.ServiceModel.NetTcp (>= 4.9)
      System.ServiceModel.Primitives (>= 4.9)
      System.ServiceModel.Security (>= 4.9)
      System.ServiceModel.Syndication (>= 6.0)
      System.ServiceProcess.ServiceController (>= 6.0)
      System.Speech (>= 6.0)
      System.Text.Encoding.CodePages (>= 6.0)
      System.Threading.AccessControl (>= 6.0)
      System.Web.Services.Description (>= 4.9)
    Newtonsoft.Json (13.0.1)
    PropertyChanged.Fody (3.4)
      Fody (>= 6.5.1)
    runtime.linux-arm.runtime.native.System.IO.Ports (6.0)
    runtime.linux-arm64.runtime.native.System.IO.Ports (6.0)
    runtime.linux-x64.runtime.native.System.IO.Ports (6.0)
    runtime.native.System.Data.SqlClient.sni (4.7)
      runtime.win-arm64.runtime.native.System.Data.SqlClient.sni (>= 4.4)
      runtime.win-x64.runtime.native.System.Data.SqlClient.sni (>= 4.4)
      runtime.win-x86.runtime.native.System.Data.SqlClient.sni (>= 4.4)
    runtime.native.System.IO.Ports (6.0)
      runtime.linux-arm.runtime.native.System.IO.Ports (>= 6.0)
      runtime.linux-arm64.runtime.native.System.IO.Ports (>= 6.0)
      runtime.linux-x64.runtime.native.System.IO.Ports (>= 6.0)
      runtime.osx-arm64.runtime.native.System.IO.Ports (>= 6.0)
      runtime.osx-x64.runtime.native.System.IO.Ports (>= 6.0)
    runtime.osx-arm64.runtime.native.System.IO.Ports (6.0)
    runtime.osx-x64.runtime.native.System.IO.Ports (6.0)
    runtime.win-arm64.runtime.native.System.Data.SqlClient.sni (4.4)
    runtime.win-x64.runtime.native.System.Data.SqlClient.sni (4.4)
    runtime.win-x86.runtime.native.System.Data.SqlClient.sni (4.4)
    System.Buffers (4.5.1) - restriction: || (== net5.0) (&& (== net6.0) (>= net461)) (&& (== net6.0) (< netcoreapp3.1)) (&& (== net6.0) (< netstandard2.1)) (== netstandard2.0) (== netstandard2.1)
    System.CodeDom (6.0)
    System.ComponentModel.Composition (6.0)
    System.ComponentModel.Composition.Registration (6.0) - restriction: || (== net5.0) (== net6.0) (&& (== netstandard2.0) (>= netstandard2.1)) (== netstandard2.1)
      System.ComponentModel.Composition (>= 6.0) - restriction: || (== net5.0) (== net6.0) (&& (== netstandard2.0) (>= netstandard2.1)) (== netstandard2.1)
      System.Reflection.Context (>= 6.0) - restriction: || (== net5.0) (== net6.0) (&& (== netstandard2.0) (>= netstandard2.1)) (== netstandard2.1)
    System.Configuration.ConfigurationManager (6.0)
      System.Security.Cryptography.ProtectedData (>= 6.0)
      System.Security.Permissions (>= 6.0)
    System.Data.DataSetExtensions (4.5)
    System.Data.Odbc (6.0)
      System.Text.Encoding.CodePages (>= 6.0) - restriction: || (== net5.0) (== net6.0) (&& (== netstandard2.0) (>= netcoreapp3.1)) (&& (== netstandard2.1) (>= netcoreapp3.1))
    System.Data.OleDb (6.0)
      Microsoft.Win32.Registry (>= 5.0) - restriction: || (== net5.0) (== netstandard2.0) (== netstandard2.1)
      System.Configuration.ConfigurationManager (>= 6.0)
      System.Diagnostics.PerformanceCounter (>= 6.0)
      System.Memory (>= 4.5.4) - restriction: || (== net5.0) (== netstandard2.0) (== netstandard2.1)
      System.Security.Principal.Windows (>= 5.0) - restriction: || (== net5.0) (== netstandard2.0) (== netstandard2.1)
    System.Data.SqlClient (4.8.3)
      Microsoft.Win32.Registry (>= 4.7)
      runtime.native.System.Data.SqlClient.sni (>= 4.7)
      System.Buffers (>= 4.5.1) - restriction: || (&& (== net5.0) (< netcoreapp2.0)) (&& (== net6.0) (< netcoreapp2.0)) (== netstandard2.0) (== netstandard2.1)
      System.Diagnostics.DiagnosticSource (>= 4.7) - restriction: || (&& (== net5.0) (< netcoreapp2.0)) (&& (== net5.0) (< netcoreapp2.1)) (&& (== net5.0) (< netcoreapp3.1)) (&& (== net5.0) (< netstandard2.0)) (&& (== net5.0) (>= uap10.1)) (&& (== net6.0) (< netcoreapp2.0)) (&& (== net6.0) (< netcoreapp2.1)) (&& (== net6.0) (< netcoreapp3.1)) (&& (== net6.0) (< netstandard2.0)) (&& (== net6.0) (>= uap10.1)) (== netstandard2.0) (== netstandard2.1)
      System.Memory (>= 4.5.4) - restriction: || (&& (== net5.0) (< netcoreapp2.0)) (&& (== net5.0) (< netcoreapp2.1)) (&& (== net5.0) (>= uap10.1)) (&& (== net6.0) (< netcoreapp2.0)) (&& (== net6.0) (< netcoreapp2.1)) (&& (== net6.0) (>= uap10.1)) (== netstandard2.0) (== netstandard2.1)
      System.Security.Principal.Windows (>= 4.7)
      System.Text.Encoding.CodePages (>= 4.7) - restriction: || (&& (== net5.0) (< netcoreapp2.0)) (&& (== net5.0) (< netcoreapp2.1)) (&& (== net5.0) (< netcoreapp3.1)) (&& (== net5.0) (< netstandard2.0)) (&& (== net5.0) (>= uap10.1)) (&& (== net6.0) (< netcoreapp2.0)) (&& (== net6.0) (< netcoreapp2.1)) (&& (== net6.0) (< netcoreapp3.1)) (&& (== net6.0) (< netstandard2.0)) (&& (== net6.0) (>= uap10.1)) (== netstandard2.0) (== netstandard2.1)
    System.Diagnostics.DiagnosticSource (6.0)
      System.Memory (>= 4.5.4) - restriction: || (&& (== net5.0) (>= net461)) (&& (== net6.0) (>= net461)) (&& (== net6.0) (< net5.0)) (== netstandard2.0) (== netstandard2.1)
      System.Runtime.CompilerServices.Unsafe (>= 6.0)
    System.Diagnostics.EventLog (6.0)
      Microsoft.Win32.Registry (>= 5.0) - restriction: || (== net5.0) (&& (== netstandard2.0) (>= netcoreapp3.1)) (&& (== netstandard2.1) (>= netcoreapp3.1))
      System.Security.Principal.Windows (>= 5.0) - restriction: || (== net5.0) (&& (== net6.0) (>= net461)) (&& (== net6.0) (< netcoreapp3.1)) (== netstandard2.0) (== netstandard2.1)
    System.Diagnostics.PerformanceCounter (6.0)
      Microsoft.Win32.Registry (>= 5.0) - restriction: || (== net5.0) (&& (== netstandard2.0) (>= netcoreapp3.1)) (&& (== netstandard2.1) (>= netcoreapp3.1))
      System.Configuration.ConfigurationManager (>= 6.0) - restriction: || (== net5.0) (== net6.0) (&& (== netstandard2.0) (>= netcoreapp3.1)) (&& (== netstandard2.1) (>= netcoreapp3.1))
      System.Security.Principal.Windows (>= 5.0) - restriction: || (== net5.0) (&& (== netstandard2.0) (>= netcoreapp3.1)) (&& (== netstandard2.1) (>= netcoreapp3.1))
    System.DirectoryServices (6.0)
      System.IO.FileSystem.AccessControl (>= 5.0) - restriction: || (== net5.0) (&& (== net6.0) (< netcoreapp3.1)) (== netstandard2.0) (== netstandard2.1)
      System.Security.AccessControl (>= 6.0)
      System.Security.Permissions (>= 6.0)
      System.Security.Principal.Windows (>= 5.0) - restriction: || (== net5.0) (&& (== net6.0) (< netcoreapp3.1)) (== netstandard2.0) (== netstandard2.1)
    System.DirectoryServices.AccountManagement (6.0)
      System.Configuration.ConfigurationManager (>= 6.0) - restriction: || (== net5.0) (== net6.0) (&& (== netstandard2.0) (>= netcoreapp3.1)) (&& (== netstandard2.1) (>= netcoreapp3.1))
      System.DirectoryServices (>= 6.0) - restriction: || (== net5.0) (== net6.0) (&& (== netstandard2.0) (>= netcoreapp3.1)) (&& (== netstandard2.1) (>= netcoreapp3.1))
      System.DirectoryServices.Protocols (>= 6.0) - restriction: || (== net5.0) (== net6.0) (&& (== netstandard2.0) (>= netcoreapp3.1)) (&& (== netstandard2.1) (>= netcoreapp3.1))
      System.IO.FileSystem.AccessControl (>= 5.0) - restriction: || (== net5.0) (&& (== netstandard2.0) (>= netcoreapp3.1)) (&& (== netstandard2.1) (>= netcoreapp3.1))
      System.Security.AccessControl (>= 6.0) - restriction: || (== net5.0) (== net6.0) (&& (== netstandard2.0) (>= netcoreapp3.1)) (&& (== netstandard2.1) (>= netcoreapp3.1))
      System.Security.Principal.Windows (>= 5.0) - restriction: || (== net5.0) (&& (== net6.0) (< netcoreapp3.1)) (== netstandard2.0) (== netstandard2.1)
    System.DirectoryServices.Protocols (6.0)
      System.Security.Principal.Windows (>= 5.0) - restriction: || (== net5.0) (&& (== net6.0) (< netcoreapp3.1)) (== netstandard2.0) (== netstandard2.1)
    System.Drawing.Common (6.0)
      Microsoft.Win32.SystemEvents (>= 6.0) - restriction: || (== net5.0) (== net6.0) (&& (== netstandard2.0) (>= netcoreapp3.1)) (&& (== netstandard2.1) (>= netcoreapp3.1))
    System.Formats.Asn1 (6.0)
      System.Buffers (>= 4.5.1) - restriction: || (== net5.0) (&& (== net6.0) (>= net461)) (== netstandard2.0) (== netstandard2.1)
      System.Memory (>= 4.5.4) - restriction: || (== net5.0) (&& (== net6.0) (>= net461)) (== netstandard2.0) (== netstandard2.1)
    System.IO.FileSystem.AccessControl (5.0) - restriction: || (== net5.0) (&& (== net6.0) (< netcoreapp3.1)) (&& (== net6.0) (< netstandard2.1)) (== netstandard2.0) (== netstandard2.1)
      System.Buffers (>= 4.5.1) - restriction: || (&& (== net5.0) (>= monoandroid) (< netstandard1.3)) (&& (== net5.0) (>= monotouch)) (&& (== net5.0) (< netcoreapp2.0)) (&& (== net5.0) (>= xamarinios)) (&& (== net5.0) (>= xamarinmac)) (&& (== net5.0) (>= xamarintvos)) (&& (== net5.0) (>= xamarinwatchos)) (&& (== net6.0) (>= monoandroid) (< netstandard1.3)) (&& (== net6.0) (>= monotouch)) (&& (== net6.0) (< netcoreapp2.0)) (&& (== net6.0) (>= xamarinios)) (&& (== net6.0) (>= xamarinmac)) (&& (== net6.0) (>= xamarintvos)) (&& (== net6.0) (>= xamarinwatchos)) (== netstandard2.0) (== netstandard2.1)
      System.Memory (>= 4.5.4) - restriction: || (&& (== net5.0) (< netcoreapp2.0)) (&& (== net5.0) (< netcoreapp2.1)) (&& (== net5.0) (>= uap10.1)) (&& (== net6.0) (< netcoreapp2.0)) (&& (== net6.0) (< netcoreapp2.1)) (&& (== net6.0) (>= uap10.1)) (== netstandard2.0) (== netstandard2.1)
      System.Security.AccessControl (>= 5.0)
      System.Security.Principal.Windows (>= 5.0)
    System.IO.Packaging (6.0)
    System.IO.Pipes.AccessControl (5.0) - restriction: || (== net5.0) (&& (== net6.0) (< netcoreapp3.1)) (&& (== net6.0) (< netstandard2.1)) (== netstandard2.0) (== netstandard2.1)
      System.Security.AccessControl (>= 5.0)
      System.Security.Principal.Windows (>= 5.0)
    System.IO.Ports (6.0)
      Microsoft.Win32.Registry (>= 5.0) - restriction: || (== net5.0) (== netstandard2.0) (== netstandard2.1)
      runtime.native.System.IO.Ports (>= 6.0)
      System.Memory (>= 4.5.4) - restriction: || (== net5.0) (== netstandard2.0) (== netstandard2.1)
    System.Management (6.0)
      Microsoft.Win32.Registry (>= 5.0) - restriction: || (== net5.0) (&& (== netstandard2.0) (>= netcoreapp3.1)) (&& (== netstandard2.1) (>= netcoreapp3.1))
      System.CodeDom (>= 6.0)
    System.Memory (4.5.4) - restriction: || (== net5.0) (&& (== net6.0) (< netcoreapp3.1)) (&& (== net6.0) (< netstandard2.1)) (== netstandard2.0) (== netstandard2.1)
      System.Buffers (>= 4.5.1) - restriction: || (&& (== net5.0) (>= monotouch)) (&& (== net5.0) (>= net461)) (&& (== net5.0) (< netcoreapp2.0)) (&& (== net5.0) (< netstandard1.1)) (&& (== net5.0) (< netstandard2.0)) (&& (== net5.0) (>= xamarinios)) (&& (== net5.0) (>= xamarinmac)) (&& (== net5.0) (>= xamarintvos)) (&& (== net5.0) (>= xamarinwatchos)) (&& (== net6.0) (>= monotouch)) (&& (== net6.0) (>= net461)) (&& (== net6.0) (< netcoreapp2.0)) (&& (== net6.0) (< netstandard1.1)) (&& (== net6.0) (< netstandard2.0)) (&& (== net6.0) (>= xamarinios)) (&& (== net6.0) (>= xamarinmac)) (&& (== net6.0) (>= xamarintvos)) (&& (== net6.0) (>= xamarinwatchos)) (== netstandard2.0) (== netstandard2.1)
      System.Numerics.Vectors (>= 4.4) - restriction: || (&& (== net5.0) (< netcoreapp2.0)) (&& (== net6.0) (< netcoreapp2.0)) (== netstandard2.0) (== netstandard2.1)
      System.Runtime.CompilerServices.Unsafe (>= 4.5.3) - restriction: || (&& (== net5.0) (>= monotouch)) (&& (== net5.0) (>= net461)) (&& (== net5.0) (< netcoreapp2.0)) (&& (== net5.0) (< netcoreapp2.1)) (&& (== net5.0) (< netstandard1.1)) (&& (== net5.0) (< netstandard2.0)) (&& (== net5.0) (>= uap10.1)) (&& (== net5.0) (>= xamarinios)) (&& (== net5.0) (>= xamarinmac)) (&& (== net5.0) (>= xamarintvos)) (&& (== net5.0) (>= xamarinwatchos)) (&& (== net6.0) (>= monotouch)) (&& (== net6.0) (>= net461)) (&& (== net6.0) (< netcoreapp2.0)) (&& (== net6.0) (< netcoreapp2.1)) (&& (== net6.0) (< netstandard1.1)) (&& (== net6.0) (< netstandard2.0)) (&& (== net6.0) (>= uap10.1)) (&& (== net6.0) (>= xamarinios)) (&& (== net6.0) (>= xamarinmac)) (&& (== net6.0) (>= xamarintvos)) (&& (== net6.0) (>= xamarinwatchos)) (== netstandard2.0) (== netstandard2.1)
    System.Memory.Data (6.0)
      System.Memory (>= 4.5.4) - restriction: || (== net5.0) (&& (== net6.0) (>= net461)) (== netstandard2.0) (== netstandard2.1)
      System.Text.Json (>= 6.0)
    System.Numerics.Vectors (4.5)
    System.Private.ServiceModel (4.9)
      Microsoft.Bcl.AsyncInterfaces (>= 5.0)
      Microsoft.Extensions.ObjectPool (>= 5.0.10)
      System.Numerics.Vectors (>= 4.5)
      System.Reflection.DispatchProxy (>= 4.7.1)
      System.Security.Cryptography.Xml (>= 5.0)
      System.Security.Principal.Windows (>= 5.0)
    System.Reflection.Context (6.0)
    System.Reflection.DispatchProxy (4.7.1)
    System.Reflection.Emit (4.7) - restriction: || (== net5.0) (&& (== net6.0) (< netcoreapp3.1)) (&& (== net6.0) (< netstandard2.1)) (== netstandard2.0) (== netstandard2.1)
      System.Reflection.Emit.ILGeneration (>= 4.7) - restriction: || (&& (== net5.0) (< netcoreapp2.0) (< netstandard2.1)) (&& (== net5.0) (< netstandard1.1)) (&& (== net5.0) (< netstandard2.0)) (&& (== net5.0) (>= uap10.1)) (&& (== net6.0) (< netcoreapp2.0) (< netstandard2.1)) (&& (== net6.0) (< netstandard1.1)) (&& (== net6.0) (< netstandard2.0)) (&& (== net6.0) (>= uap10.1)) (== netstandard2.0) (&& (== netstandard2.1) (< netstandard1.1)) (&& (== netstandard2.1) (< netstandard2.0)) (&& (== netstandard2.1) (>= uap10.1))
    System.Reflection.Emit.ILGeneration (4.7) - restriction: || (== net5.0) (&& (== net6.0) (< netcoreapp3.1)) (&& (== net6.0) (< netstandard1.1)) (&& (== net6.0) (< netstandard2.0)) (&& (== net6.0) (< netstandard2.1)) (&& (== net6.0) (>= uap10.1)) (== netstandard2.0) (== netstandard2.1)
    System.Reflection.Emit.Lightweight (4.7) - restriction: || (== net5.0) (&& (== net6.0) (< netcoreapp3.1)) (&& (== net6.0) (< netstandard2.1)) (== netstandard2.0) (== netstandard2.1)
      System.Reflection.Emit.ILGeneration (>= 4.7) - restriction: || (&& (== net5.0) (< netcoreapp2.0) (< netstandard2.1)) (&& (== net5.0) (< netstandard2.0)) (&& (== net5.0) (< portable-net45+wp8)) (&& (== net5.0) (>= uap10.1)) (&& (== net6.0) (< netcoreapp2.0) (< netstandard2.1)) (&& (== net6.0) (< netstandard2.0)) (&& (== net6.0) (< portable-net45+wp8)) (&& (== net6.0) (>= uap10.1)) (== netstandard2.0) (&& (== netstandard2.1) (< netstandard2.0)) (&& (== netstandard2.1) (< portable-net45+wp8)) (&& (== netstandard2.1) (>= uap10.1))
    System.Runtime.Caching (6.0)
      System.Configuration.ConfigurationManager (>= 6.0)
    System.Runtime.CompilerServices.Unsafe (6.0)
    System.Security.AccessControl (6.0)
      System.Security.Principal.Windows (>= 5.0) - restriction: || (== net5.0) (&& (== net6.0) (>= net461)) (== netstandard2.0) (== netstandard2.1)
    System.Security.Cryptography.Cng (5.0) - restriction: || (== net5.0) (&& (== net6.0) (< netcoreapp3.1)) (&& (== net6.0) (< netstandard2.1)) (== netstandard2.0) (== netstandard2.1)
      System.Formats.Asn1 (>= 5.0) - restriction: || (== net5.0) (== net6.0) (&& (== netstandard2.0) (>= netcoreapp3.0)) (&& (== netstandard2.1) (>= netcoreapp3.0))
    System.Security.Cryptography.Pkcs (6.0)
      System.Buffers (>= 4.5.1) - restriction: || (&& (== net5.0) (< netstandard2.1)) (&& (== net6.0) (< netstandard2.1)) (== netstandard2.0)
      System.Formats.Asn1 (>= 6.0)
      System.Memory (>= 4.5.4) - restriction: || (&& (== net5.0) (< netstandard2.1)) (&& (== net6.0) (< netstandard2.1)) (== netstandard2.0)
      System.Security.Cryptography.Cng (>= 5.0) - restriction: || (== net5.0) (&& (== net6.0) (< netcoreapp3.1)) (&& (== net6.0) (< netstandard2.1)) (== netstandard2.0) (== netstandard2.1)
    System.Security.Cryptography.ProtectedData (6.0)
      System.Memory (>= 4.5.4) - restriction: || (== net5.0) (== netstandard2.0) (== netstandard2.1)
    System.Security.Cryptography.Xml (6.0)
      System.Memory (>= 4.5.4) - restriction: || (== net5.0) (== netstandard2.0) (== netstandard2.1)
      System.Security.AccessControl (>= 6.0)
      System.Security.Cryptography.Pkcs (>= 6.0)
    System.Security.Permissions (6.0)
      System.Security.AccessControl (>= 6.0)
      System.Windows.Extensions (>= 6.0) - restriction: || (== net5.0) (== net6.0) (&& (== netstandard2.0) (>= netcoreapp3.1)) (&& (== netstandard2.1) (>= netcoreapp3.1))
    System.Security.Principal.Windows (5.0)
    System.ServiceModel.Duplex (4.9)
      System.Private.ServiceModel (>= 4.9)
      System.ServiceModel.Primitives (>= 4.9)
    System.ServiceModel.Http (4.9)
      System.Private.ServiceModel (>= 4.9)
      System.ServiceModel.Primitives (>= 4.9)
    System.ServiceModel.NetTcp (4.9)
      System.Private.ServiceModel (>= 4.9)
      System.ServiceModel.Primitives (>= 4.9)
    System.ServiceModel.Primitives (4.9)
      System.Private.ServiceModel (>= 4.9)
    System.ServiceModel.Security (4.9)
      System.Private.ServiceModel (>= 4.9)
      System.ServiceModel.Primitives (>= 4.9)
    System.ServiceModel.Syndication (6.0)
    System.ServiceProcess.ServiceController (6.0)
      System.Buffers (>= 4.5.1) - restriction: || (&& (== net5.0) (< netcoreapp3.1)) (&& (== net6.0) (< netcoreapp3.1)) (== netstandard2.0) (== netstandard2.1)
      System.Diagnostics.EventLog (>= 6.0)
      System.Memory (>= 4.5.4) - restriction: || (&& (== net5.0) (< netcoreapp3.1)) (&& (== net6.0) (< netcoreapp3.1)) (== netstandard2.0) (== netstandard2.1)
    System.Speech (6.0)
      Microsoft.Win32.Registry (>= 5.0) - restriction: || (== net5.0) (&& (== netstandard2.0) (>= netcoreapp3.1)) (&& (== netstandard2.1) (>= netcoreapp3.1))
    System.Text.Encoding.CodePages (6.0)
      System.Memory (>= 4.5.4) - restriction: || (&& (== net5.0) (>= net461)) (&& (== net5.0) (< netcoreapp3.1)) (&& (== net6.0) (>= net461)) (&& (== net6.0) (< netcoreapp3.1)) (== netstandard2.0) (== netstandard2.1)
      System.Runtime.CompilerServices.Unsafe (>= 6.0)
    System.Text.Encodings.Web (6.0)
      System.Buffers (>= 4.5.1) - restriction: || (&& (== net5.0) (>= net461)) (&& (== net5.0) (< netcoreapp3.1)) (&& (== net6.0) (>= net461)) (&& (== net6.0) (< netcoreapp3.1)) (== netstandard2.0) (== netstandard2.1)
      System.Memory (>= 4.5.4) - restriction: || (&& (== net5.0) (>= net461)) (&& (== net5.0) (< netcoreapp3.1)) (&& (== net6.0) (>= net461)) (&& (== net6.0) (< netcoreapp3.1)) (== netstandard2.0) (== netstandard2.1)
      System.Runtime.CompilerServices.Unsafe (>= 6.0)
    System.Text.Json (6.0)
      Microsoft.Bcl.AsyncInterfaces (>= 6.0) - restriction: || (&& (== net5.0) (>= net461)) (&& (== net5.0) (< netcoreapp3.1)) (&& (== net6.0) (>= net461)) (&& (== net6.0) (< netcoreapp3.1)) (== netstandard2.0) (== netstandard2.1)
      System.Buffers (>= 4.5.1) - restriction: || (&& (== net5.0) (>= net461)) (&& (== net5.0) (< netcoreapp3.1)) (&& (== net6.0) (>= net461)) (&& (== net6.0) (< netcoreapp3.1)) (== netstandard2.0) (== netstandard2.1)
      System.Memory (>= 4.5.4) - restriction: || (&& (== net5.0) (>= net461)) (&& (== net5.0) (< netcoreapp3.1)) (&& (== net6.0) (>= net461)) (&& (== net6.0) (< netcoreapp3.1)) (== netstandard2.0) (== netstandard2.1)
      System.Numerics.Vectors (>= 4.5) - restriction: || (&& (== net5.0) (>= net461)) (&& (== net5.0) (< netcoreapp3.1)) (&& (== net6.0) (>= net461)) (&& (== net6.0) (< netcoreapp3.1)) (== netstandard2.0) (== netstandard2.1)
      System.Runtime.CompilerServices.Unsafe (>= 6.0)
      System.Text.Encodings.Web (>= 6.0)
      System.Threading.Tasks.Extensions (>= 4.5.4) - restriction: || (&& (== net5.0) (>= net461)) (&& (== net5.0) (< netcoreapp3.1)) (&& (== net6.0) (>= net461)) (&& (== net6.0) (< netcoreapp3.1)) (== netstandard2.0) (== netstandard2.1)
    System.Threading.AccessControl (6.0)
      System.Memory (>= 4.5.4) - restriction: || (== net5.0) (== netstandard2.0) (== netstandard2.1)
      System.Security.AccessControl (>= 6.0)
      System.Security.Principal.Windows (>= 5.0) - restriction: || (== net5.0) (&& (== net6.0) (>= net461)) (== netstandard2.0) (== netstandard2.1)
    System.Threading.Tasks.Extensions (4.5.4)
      System.Runtime.CompilerServices.Unsafe (>= 4.5.3) - restriction: || (&& (== net5.0) (>= net461)) (&& (== net5.0) (< netcoreapp2.1)) (&& (== net5.0) (< netstandard1.0)) (&& (== net5.0) (< netstandard2.0)) (&& (== net5.0) (>= wp8)) (&& (== net6.0) (>= net461)) (&& (== net6.0) (< netcoreapp2.1)) (&& (== net6.0) (< netstandard1.0)) (&& (== net6.0) (< netstandard2.0)) (&& (== net6.0) (>= wp8)) (== netstandard2.0) (== netstandard2.1)
    System.Web.Services.Description (4.9)
    System.Windows.Extensions (6.0) - restriction: || (== net5.0) (== net6.0) (&& (== netstandard2.0) (>= netcoreapp3.1)) (&& (== netstandard2.1) (>= netcoreapp3.1))
      System.Drawing.Common (>= 6.0) - restriction: || (== net5.0) (== net6.0) (&& (== netstandard2.0) (>= netcoreapp3.1)) (&& (== netstandard2.1) (>= netcoreapp3.1))
